GEM
  remote: http://rubygems.org/
  specs:
    activesupport (4.2.1)
      i18n (~> 0.7)
      json (~> 1.7, >= 1.7.7)
      minitest (~> 5.1)
      thread_safe (~> 0.3, >= 0.3.4)
      tzinfo (~> 1.1)
    httpclient (2.6.0.1)
    i18n (0.7.0)
    json (1.8.3)
    little-plugger (1.1.3)
    logging (2.0.0)
      little-plugger (~> 1.1)
      multi_json (~> 1.10)
    mini_portile (0.6.2)
    minitest (5.7.0)
    multi_json (1.11.0)
    nokogiri (1.6.6.2)
      mini_portile (~> 0.6.0)
    rubyntlm (0.5.0)
    thread_safe (0.3.5)
    tzinfo (1.2.2)
      thread_safe (~> 0.1)
    viewpoint (1.0.0)
      httpclient
      logging
      nokogiri
      rubyntlm

PLATFORMS
  ruby

DEPENDENCIES
  activesupport
  viewpoint
